GEM
  remote: http://rubygems.org/
  specs:
    diff-lcs (1.1.2)
    mime-types (1.16)
    rake (0.8.7)
    rest-client (1.6.1)
      mime-types (>= 1.16)
    rspec (2.1.0)
      rspec-core (~> 2.1.0)
      rspec-expectations (~> 2.1.0)
      rspec-mocks (~> 2.1.0)
    rspec-core (2.1.0)
    rspec-expectations (2.1.0)
      diff-lcs (~> 1.1.2)
    rspec-mocks (2.1.0)
    yajl-ruby (0.8.1)

PLATFORMS
  ruby

DEPENDENCIES
  bundler (~> 1.0.0)
  rake (~> 0.8.7)
  rest-client (~> 1.6.1)
  rspec (= 2.1.0)
  yajl-ruby (~> 0.8.1)
