GEM
  remote: http://rubygems.org/
  specs:
    addressable (2.2.4)
    diff-lcs (1.1.2)
    excon (0.5.5)
    faraday (0.5.6)
      addressable (~> 2.2.4)
      multipart-post (~> 1.1.0)
      rack (>= 1.1.0, < 2)
    multipart-post (1.1.0)
    rack (1.2.1)
    rake (0.8.7)
    rspec (2.1.0)
      rspec-core (~> 2.1.0)
      rspec-expectations (~> 2.1.0)
      rspec-mocks (~> 2.1.0)
    rspec-core (2.1.0)
    rspec-expectations (2.1.0)
      diff-lcs (~> 1.1.2)
    rspec-mocks (2.1.0)
    yajl-ruby (0.8.1)

PLATFORMS
  ruby

DEPENDENCIES
  bundler (~> 1.0.0)
  excon (~> 0.5.5)
  faraday (~> 0.5.6)
  rake (~> 0.8.7)
  rspec (= 2.1.0)
  yajl-ruby (~> 0.8.1)
